GEM
  remote: https://rubygems.org/
  specs:
    actionmailer (4.1.0)
      actionpack (= 4.1.0)
      actionview (= 4.1.0)
      mail (~> 2.5.4)
    actionpack (4.1.0)
      actionview (= 4.1.0)
      activesupport (= 4.1.0)
      rack (~> 1.5.2)
      rack-test (~> 0.6.2)
    actionview (4.1.0)
      activesupport (= 4.1.0)
      builder (~> 3.1)
      erubis (~> 2.7.0)
    activemodel (4.1.0)
      activesupport (= 4.1.0)
      builder (~> 3.1)
    activerecord (4.1.0)
      activemodel (= 4.1.0)
      activesupport (= 4.1.0)
      arel (~> 5.0.0)
    activesupport (4.1.0)
      i18n (~> 0.6, >= 0.6.9)
      json (~> 1.7, >= 1.7.7)
      minitest (~> 5.1)
      thread_safe (~> 0.1)
      tzinfo (~> 1.1)
    addressable (2.3.6)
    arel (5.0.1.20140414130214)
    awesome_print (1.2.0)
    bcrypt (3.1.7)
    better_errors (1.1.0)
      coderay (>= 1.0.0)
      erubis (>= 2.6.6)
    builder (3.2.2)
    capistrano (3.0.1)
      i18n
      rake (>= 10.0.0)
      sshkit (>= 0.0.23)
    capistrano-bundler (1.1.2)
      capistrano (~> 3.0)
      sshkit (~> 1.2)
    capistrano-rails (1.1.0)
      capistrano (>= 3.0.0)
      capistrano-bundler (>= 1.0.0)
    capistrano-rvm (0.1.1)
      capistrano (~> 3.0)
      sshkit (~> 1.2)
    capybara (2.4.1)
      mime-types (>= 1.16)
      nokogiri (>= 1.3.3)
      rack (>= 1.0.0)
      rack-test (>= 0.5.4)
      xpath (~> 2.0)
    capybara-webkit (1.0.0)
      capybara (~> 2.0, >= 2.0.2)
      json
    coderay (1.1.0)
    coffee-rails (4.0.1)
      coffee-script (>= 2.2.0)
      railties (>= 4.0.0, < 5.0)
    coffee-script (2.3.0)
      coffee-script-source
      execjs
    coffee-script-source (1.7.1)
    colorize (0.7.3)
    crack (0.4.2)
      safe_yaml (~> 1.0.0)
    cucumber (1.3.16)
      builder (>= 2.1.2)
      diff-lcs (>= 1.1.3)
      gherkin (~> 2.12)
      multi_json (>= 1.7.5, < 2.0)
      multi_test (>= 0.1.1)
    cucumber-rails (1.4.1)
      capybara (>= 1.1.2, < 3)
      cucumber (>= 1.3.8, < 2)
      mime-types (~> 1.16)
      nokogiri (~> 1.5)
      rails (>= 3, < 5)
    database_cleaner (1.3.0)
    devise (3.2.4)
      bcrypt (~> 3.0)
      orm_adapter (~> 0.1)
      railties (>= 3.2.6, < 5)
      thread_safe (~> 0.1)
      warden (~> 1.2.3)
    diff-lcs (1.2.5)
    docile (1.1.5)
    erubis (2.7.0)
    execjs (2.2.1)
    fabrication (2.11.3)
    foundation-rails (5.3.3.0)
      railties (>= 3.1.0)
      sass (>= 3.2.0)
    gherkin (2.12.2)
      multi_json (~> 1.3)
    haml (4.1.0.beta.1)
      tilt
    haml-rails (0.5.3)
      actionpack (>= 4.0.1)
      activesupport (>= 4.0.1)
      haml (>= 3.1, < 5.0)
      railties (>= 4.0.1)
    hike (1.2.3)
    hpricot (0.8.6)
    html2haml (1.0.1)
      erubis (~> 2.7.0)
      haml (>= 4.0.0.rc.1)
      hpricot (~> 0.8.6)
      ruby_parser (~> 3.1.1)
    i18n (0.6.11)
    jbuilder (2.1.3)
      activesupport (>= 3.0.0, < 5)
      multi_json (~> 1.2)
    jquery-rails (3.1.1)
      railties (>= 3.0, < 5.0)
      thor (>= 0.14, < 2.0)
    json (1.8.1)
    kgio (2.9.2)
    mail (2.5.4)
      mime-types (~> 1.16)
      treetop (~> 1.4.8)
    mime-types (1.25.1)
    mini_portile (0.6.0)
    minitest (5.4.0)
    multi_json (1.10.1)
    multi_test (0.1.1)
    net-scp (1.2.1)
      net-ssh (>= 2.6.5)
    net-ssh (2.9.1)
    nokogiri (1.6.3.1)
      mini_portile (= 0.6.0)
    orm_adapter (0.5.0)
    pg (0.17.1)
    polyglot (0.3.5)
    rack (1.5.2)
    rack-test (0.6.2)
      rack (>= 1.0)
    rails (4.1.0)
      actionmailer (= 4.1.0)
      actionpack (= 4.1.0)
      actionview (= 4.1.0)
      activemodel (= 4.1.0)
      activerecord (= 4.1.0)
      activesupport (= 4.1.0)
      bundler (>= 1.3.0, < 2.0)
      railties (= 4.1.0)
      sprockets-rails (~> 2.0)
    railties (4.1.0)
      actionpack (= 4.1.0)
      activesupport (= 4.1.0)
      rake (>= 0.8.7)
      thor (>= 0.18.1, < 2.0)
    raindrops (0.13.0)
    rake (10.3.2)
    rdoc (4.1.1)
      json (~> 1.4)
    rspec (3.0.0)
      rspec-core (~> 3.0.0)
      rspec-expectations (~> 3.0.0)
      rspec-mocks (~> 3.0.0)
    rspec-core (3.0.3)
      rspec-support (~> 3.0.0)
    rspec-expectations (3.0.3)
      diff-lcs (>= 1.2.0, < 2.0)
      rspec-support (~> 3.0.0)
    rspec-mocks (3.0.3)
      rspec-support (~> 3.0.0)
    rspec-rails (3.0.2)
      actionpack (>= 3.0)
      activesupport (>= 3.0)
      railties (>= 3.0)
      rspec-core (~> 3.0.0)
      rspec-expectations (~> 3.0.0)
      rspec-mocks (~> 3.0.0)
      rspec-support (~> 3.0.0)
    rspec-support (3.0.3)
    ruby_parser (3.1.3)
      sexp_processor (~> 4.1)
    safe_yaml (1.0.3)
    sass (3.2.19)
    sass-rails (4.0.3)
      railties (>= 4.0.0, < 5.0)
      sass (~> 3.2.0)
      sprockets (~> 2.8, <= 2.11.0)
      sprockets-rails (~> 2.0)
    sdoc (0.4.1)
      json (~> 1.7, >= 1.7.7)
      rdoc (~> 4.0)
    sexp_processor (4.4.3)
    shoulda (3.5.0)
      shoulda-context (~> 1.0, >= 1.0.1)
      shoulda-matchers (>= 1.4.1, < 3.0)
    shoulda-context (1.2.1)
    shoulda-matchers (2.6.2)
      activesupport (>= 3.0.0)
    simplecov (0.9.0)
      docile (~> 1.1.0)
      multi_json
      simplecov-html (~> 0.8.0)
    simplecov-html (0.8.0)
    sprockets (2.11.0)
      hike (~> 1.2)
      multi_json (~> 1.0)
      rack (~> 1.0)
      tilt (~> 1.1, != 1.3.0)
    sprockets-rails (2.1.3)
      actionpack (>= 3.0)
      activesupport (>= 3.0)
      sprockets (~> 2.8)
    sshkit (1.5.1)
      colorize
      net-scp (>= 1.1.2)
      net-ssh (>= 2.8.0)
    thor (0.19.1)
    thread_safe (0.3.4)
    tilt (1.4.1)
    treetop (1.4.15)
      polyglot
      polyglot (>= 0.3.1)
    tzinfo (1.2.2)
      thread_safe (~> 0.1)
    uglifier (2.5.3)
      execjs (>= 0.3.0)
      json (>= 1.8.0)
    unicorn (4.8.3)
      kgio (~> 2.6)
      rack
      raindrops (~> 0.7)
    vcr (2.4.0)
    warden (1.2.3)
      rack (>= 1.0)
    webmock (1.11.0)
      addressable (>= 2.2.7)
      crack (>= 0.3.2)
    xpath (2.0.0)
      nokogiri (~> 1.3)

PLATFORMS
  ruby

DEPENDENCIES
  awesome_print
  better_errors
  capistrano (~> 3.0.1)
  capistrano-bundler (>= 1.1.1)
  capistrano-rails (~> 1.1.0)
  capistrano-rvm (~> 0.1.0)
  capybara-webkit (~> 1.0.0)
  coffee-rails (~> 4.0.0)
  cucumber
  cucumber-rails
  database_cleaner
  devise
  fabrication
  foundation-rails
  haml
  haml-rails
  html2haml
  jbuilder (~> 2.0)
  jquery-rails
  pg
  rails (= 4.1.0)
  rspec
  rspec-rails
  sass-rails (~> 4.0.3)
  sdoc (~> 0.4.0)
  shoulda
  simplecov
  uglifier (>= 1.3.0)
  unicorn
  vcr (~> 2.4.0)
  webmock (~> 1.11.0)
